GEM
  remote: https://rubygems.org/
  specs:
    activesupport (4.2.5)
      i18n (~> 0.7)
      json (~> 1.7, >= 1.7.7)
      minitest (~> 5.1)
      thread_safe (~> 0.3, >= 0.3.4)
      tzinfo (~> 1.1)
    addressable (2.4.0)
    buftok (0.2.0)
    coderay (1.1.0)
    declarative (0.0.9)
    declarative-option (0.1.0)
    digest-crc (0.4.1)
    domain_name (0.5.25)
      unf (>= 0.0.5, < 1.0.0)
    equalizer (0.0.10)
    faraday (0.9.2)
      multipart-post (>= 1.2, < 3)
    faraday_middleware (0.9.2)
      faraday (>= 0.7.4, < 0.10)
    google-api-client (0.10.1)
      addressable (~> 2.3)
      googleauth (~> 0.5)
      httpclient (~> 2.7)
      hurley (~> 0.1)
      memoist (~> 0.11)
      mime-types (>= 1.6)
      representable (~> 3.0)
      retriable (>= 2.0, < 4.0)
    google-cloud (0.26.0)
      google-cloud-bigquery (~> 0.24.0)
      google-cloud-datastore (~> 0.24.0)
      google-cloud-dns (~> 0.22.0)
      google-cloud-error_reporting (~> 0.23.0)
      google-cloud-language (~> 0.25.0)
      google-cloud-logging (~> 0.24.0)
      google-cloud-monitoring (~> 0.23.0)
      google-cloud-pubsub (~> 0.23.0)
      google-cloud-resource_manager (~> 0.22.0)
      google-cloud-speech (~> 0.22.0)
      google-cloud-storage (~> 0.24.0)
      google-cloud-trace (~> 0.23.0)
      google-cloud-translate (~> 0.22.0)
      google-cloud-vision (~> 0.23.0)
    google-cloud-bigquery (0.24.0)
      google-api-client (~> 0.10.0)
      google-cloud-core (~> 0.21.0)
    google-cloud-core (0.21.1)
      googleauth (~> 0.5.1)
    google-cloud-datastore (0.24.2)
      google-cloud-core (~> 0.21.0)
      google-gax (~> 0.8.0)
    google-cloud-dns (0.22.0)
      google-api-client (~> 0.10.0)
      google-cloud-core (~> 0.21.0)
      zonefile (~> 1.04)
    google-cloud-error_reporting (0.23.3)
      google-cloud-core (~> 0.21.0)
      google-gax (~> 0.8.0)
    google-cloud-language (0.25.0)
      google-cloud-core (~> 0.21.0)
      google-gax (~> 0.8.0)
    google-cloud-logging (0.24.2)
      google-cloud-core (~> 0.21.1)
      google-gax (~> 0.8.0)
      stackdriver-core (~> 0.21.0)
    google-cloud-monitoring (0.23.2)
      google-gax (~> 0.8.0)
    google-cloud-pubsub (0.23.2)
      google-cloud-core (~> 0.21.0)
      google-gax (~> 0.8.0)
      grpc-google-iam-v1 (~> 0.6.8)
    google-cloud-resource_manager (0.22.0)
      google-api-client (~> 0.10.0)
      google-cloud-core (~> 0.21.0)
    google-cloud-speech (0.22.2)
      google-cloud-core (~> 0.21.0)
      google-gax (~> 0.8.1)
    google-cloud-storage (0.24.0)
      digest-crc (~> 0.4)
      google-api-client (~> 0.10.0)
      google-cloud-core (~> 0.21.0)
    google-cloud-trace (0.23.2)
      google-cloud-core (~> 0.21.1)
      google-gax (~> 0.8.0)
      stackdriver-core (~> 0.21.0)
    google-cloud-translate (0.22.2)
      google-cloud-core (~> 0.21.0)
      googleauth (~> 0.5.1)
    google-cloud-vision (0.23.0)
      google-cloud-core (~> 0.21.0)
      google-gax (~> 0.8.0)
    google-gax (0.8.1)
      google-protobuf (~> 3.2)
      googleapis-common-protos (~> 1.3.5)
      googleauth (~> 0.5.1)
      grpc (~> 1.0)
      rly (~> 0.2.3)
    google-protobuf (3.2.0.2)
    googleapis-common-protos (1.3.5)
      google-protobuf (~> 3.2)
      grpc (~> 1.0)
    googleauth (0.5.1)
      faraday (~> 0.9)
      jwt (~> 1.4)
      logging (~> 2.0)
      memoist (~> 0.12)
      multi_json (~> 1.11)
      os (~> 0.9)
      signet (~> 0.7)
    grpc (1.1.2)
      google-protobuf (~> 3.1)
      googleauth (~> 0.5.1)
    grpc-google-iam-v1 (0.6.8)
      googleapis-common-protos (~> 1.3.1)
      googleauth (~> 0.5.1)
      grpc (~> 1.0)
    hashie (3.4.3)
    hpricot (0.8.6)
    httmultiparty (0.3.16)
      httparty (>= 0.7.3)
      mimemagic
      multipart-post
    http (0.9.8)
      addressable (~> 2.3)
      http-cookie (~> 1.0)
      http-form_data (~> 1.0.1)
      http_parser.rb (~> 0.6.0)
    http-cookie (1.0.2)
      domain_name (~> 0.5)
    http-form_data (1.0.1)
    http_parser.rb (0.6.0)
    httparty (0.13.7)
      json (~> 1.8)
      multi_xml (>= 0.5.2)
    httpclient (2.8.3)
    hurley (0.2)
    i18n (0.7.0)
    instagram (1.1.6)
      faraday (>= 0.7, < 0.10)
      faraday_middleware (>= 0.8, < 0.10)
      hashie (>= 0.4.0)
      multi_json (~> 1.0, >= 1.0.3)
    json (1.8.3)
    jwt (1.5.6)
    little-plugger (1.1.4)
    logging (2.2.0)
      little-plugger (~> 1.1)
      multi_json (~> 1.10)
    memoist (0.15.0)
    memoizable (0.4.2)
      thread_safe (~> 0.3, >= 0.3.1)
    method_source (0.8.2)
    mime-types (3.1)
      mime-types-data (~> 3.2015)
    mime-types-data (3.2016.0521)
    mimemagic (0.3.1)
    mini_portile2 (2.1.0)
    minitest (5.8.3)
    multi_json (1.11.2)
    multi_xml (0.5.5)
    multipart-post (2.0.0)
    naught (1.1.0)
    nokogiri (1.6.8)
      mini_portile2 (~> 2.1.0)
      pkg-config (~> 1.1.7)
    os (0.9.6)
    pkg-config (1.1.7)
    pry (0.10.3)
      coderay (~> 1.1.0)
      method_source (~> 0.8.1)
      slop (~> 3.4)
    rake (10.4.2)
    representable (3.0.3)
      declarative (< 0.1.0)
      declarative-option (< 0.2.0)
      uber (< 0.2.0)
    retriable (3.0.1)
    rly (0.2.3)
    rockstar (0.8.1)
      activesupport (>= 1.4.2)
      hpricot (>= 0.4.86)
      i18n (>= 0.5.0)
      rake (>= 0.10.0)
    rollbar (2.11.5)
      multi_json
    signet (0.7.3)
      addressable (~> 2.3)
      faraday (~> 0.9)
      jwt (~> 1.5)
      multi_json (~> 1.10)
    simple_oauth (0.3.1)
    slop (3.6.0)
    stackdriver-core (0.21.0)
    strava-api-v3 (0.6.0)
      httmultiparty
      multi_json
    thread_safe (0.3.5)
    time_ago_in_words (0.1.1)
    twitter (5.15.0)
      addressable (~> 2.3)
      buftok (~> 0.2.0)
      equalizer (= 0.0.10)
      faraday (~> 0.9.0)
      http (>= 0.4, < 0.10)
      http_parser.rb (~> 0.6.0)
      json (~> 1.8)
      memoizable (~> 0.4.0)
      naught (~> 1.0)
      simple_oauth (~> 0.3.0)
    twitter-text (1.14.1)
      unf (~> 0.1.0)
    tzinfo (1.2.2)
      thread_safe (~> 0.1)
    uber (0.1.0)
    unf (0.1.4)
      unf_ext
    unf_ext (0.0.7.1)
    zonefile (1.04)

PLATFORMS
  ruby

DEPENDENCIES
  google-cloud
  instagram
  nokogiri
  pry
  rockstar
  rollbar
  strava-api-v3 (~> 0.6.0)
  time_ago_in_words
  twitter
  twitter-text

RUBY VERSION
   ruby 2.3.3p222

BUNDLED WITH
   1.14.3
